GEM
  remote: http://rubygems.org/
  specs:
    ffi (1.0.11)
    guard (1.0.1)
      ffi (>= 0.5.0)
      thor (~> 0.14.6)
    guard-test (0.4.3)
      guard (>= 0.4)
      test-unit (~> 2.2)
    test-unit (2.4.8)
    thor (0.14.6)

PLATFORMS
  ruby

DEPENDENCIES
  guard
  guard-test
